GIT
  remote: git://github.com/dougmcbride/pivotal-tracker.git
  revision: 3b75c25f345ba74da658fa7a97a5283397163f1d
  specs:
    pivotal-tracker (0.0.6)
      happymapper (>= 0.2.4)
      rest-client

GEM
  remote: https://rubygems.org/
  specs:
    Ruby-IRC (1.0.13)
    ZenTest (4.8.2)
    autotest (4.4.6)
      ZenTest (>= 4.4.1)
    builder (3.1.3)
    happymapper (0.4.0)
      libxml-ruby (~> 2.0)
    irc (0.0.2)
    libxml-ruby (2.3.3)
    logger (1.2.8)
    mime-types (1.19)
    rest-client (1.6.7)
      mime-types (>= 1.16)

PLATFORMS
  ruby

DEPENDENCIES
  Ruby-IRC
  autotest
  builder
  irc
  logger
  pivotal-tracker!
